PATH
  remote: .
  specs:
    multi_xml (0.2.0)

GEM
  remote: http://rubygems.org/
  specs:
    ZenTest (4.4.2)
    diff-lcs (1.1.2)
    libxml-ruby (1.1.4)
    maruku (0.6.0)
      syntax (>= 1.0.0)
    nokogiri (1.4.4)
    rake (0.8.7)
    rspec (2.3.0)
      rspec-core (~> 2.3.0)
      rspec-expectations (~> 2.3.0)
      rspec-mocks (~> 2.3.0)
    rspec-core (2.3.0)
    rspec-expectations (2.3.0)
      diff-lcs (~> 1.1.2)
    rspec-mocks (2.3.0)
    simplecov (0.3.7)
      simplecov-html (>= 0.3.7)
    simplecov-html (0.3.9)
    syntax (1.0.0)
    yard (0.6.3)

PLATFORMS
  ruby

DEPENDENCIES
  ZenTest (~> 4.4)
  bundler (~> 1.0)
  libxml-ruby (~> 1.1)
  maruku (~> 0.6)
  multi_xml!
  nokogiri (~> 1.4)
  rake (~> 0.8)
  rspec (~> 2.3)
  simplecov (~> 0.3)
  yard (~> 0.6)
