PATH
  remote: .
  specs:
    multi_xml (0.0.1)

GEM
  remote: http://rubygems.org/
  specs:
    hpricot (0.8.2)
    libxml-ruby (1.1.4)
    nokogiri (1.4.3.1)
    rake (0.8.7)
    rspec (1.3.0)

PLATFORMS
  ruby

DEPENDENCIES
  bundler (~> 1.0.2)
  hpricot (~> 0.8.2)
  libxml-ruby (~> 1.1.4)
  multi_xml!
  nokogiri (~> 1.4.3)
  rake (~> 0.8.7)
  rspec (~> 1.3.0)
